
type = string-attribute
name = HISTORY_NOTE
count = 5
'none~

type = string-attribute
name = TYPESTRING
count = 15
'3DIM_HEAD_FUNC~

type = string-attribute
name = IDCODE_STRING
count = 27
'XYZ_4ZfGhfgBbXbiEtI5ACb7yQ~

type = string-attribute
name = IDCODE_DATE
count = 25
'Fri Feb 22 18:15:07 2013~

type = integer-attribute
name = SCENE_DATA
count = 8
 2 11 1 -999 -999
 -999 -999 -999

type = string-attribute
name = LABEL_1
count = 5
'zyxt~

type = string-attribute
name = LABEL_2
count = 5
'zyxt~

type = string-attribute
name = DATASET_NAME
count = 5
'zyxt~

type = integer-attribute
name = ORIENT_SPECIFIC
count = 3
 0 3 4

type  = float-attribute
name  = ORIGIN
count = 3
           31.5           37.5           20.5

type  = float-attribute
name  = DELTA
count = 3
              3              3              3

type  = float-attribute
name  = IJK_TO_DICOM
count = 12
              3              0              0           31.5              0
              3              0           37.5              0              0
              3           20.5

type  = float-attribute
name  = IJK_TO_DICOM_REAL
count = 12
              3              0              0           31.5              0
              3              0           37.5              0              0
              3           20.5

type  = float-attribute
name  = BRICK_STATS
count = 48
      0.1005184      0.3623624      0.7345794       3.808047     -0.1818875
     -0.0229699      -2.088847     -0.3269887     -0.2016241     0.02564905
      -2.191685      0.2234462     -0.1453121      0.1642279      -1.314249
        1.43188     -0.3850565     0.05277367      -2.738669      0.3823424
     -0.5515432     0.02884593      -3.887159     0.08244452     -0.3831638
     0.02873513      -2.666338      0.1647847     -0.2565182      0.0641421
       -1.87636      0.4151933     -0.3832913     0.04505467      -2.935167
      0.3039067     -0.3363636     0.01253017       -2.84701     -0.0168612
     -0.2104292      0.1631465      -2.066254        1.61371      0.1005184
      0.3623624      0.7345794       3.808047

type = integer-attribute
name = DATASET_RANK
count = 8
 3 24 0 0 0
 0 0 0

type = integer-attribute
name = DATASET_DIMENSIONS
count = 5
 3 3 3 0 0

type = integer-attribute
name = BRICK_TYPES
count = 24
 3 3 3 3 3
 3 3 3 3 3
 3 3 3 3 3
 3 3 3 3 3
 3 3 3 3

type  = float-attribute
name  = BRICK_FLOAT_FACS
count = 24
              0              0              0              0              0
              0              0              0              0              0
              0              0              0              0              0
              0              0              0              0              0
              0              0              0              0

type = string-attribute
name = BRICK_LABS
count = 708
'Full_R^2~Full_Fstat~tent10.SN029V1.verbal.a#0_Coef~tent10.SN029V1.verbal.a#0_Tstat~tent10.SN029V1.verbal.a#1_Coef~tent10.SN029V1.verbal.a#1_Tstat~tent10.SN029V1.verbal.a#2_Coef~tent10.SN029V1.verbal.a#2_Tstat~tent10.SN029V1.verbal.a#3_Coef~tent10.SN029V1.verbal.a#3_Tstat~tent10.SN029V1.verbal.a#4_Coef~tent10.SN029V1.verbal.a#4_Tstat~tent10.SN029V1.verbal.a#5_Coef~tent10.SN029V1.verbal.a#5_Tstat~tent10.SN029V1.verbal.a#6_Coef~tent10.SN029V1.verbal.a#6_Tstat~tent10.SN029V1.verbal.a#7_Coef~tent10.SN029V1.verbal.a#7_Tstat~tent10.SN029V1.verbal.a#8_Coef~tent10.SN029V1.verbal.a#8_Tstat~tent10.SN029V1.verbal.a#9_Coef~tent10.SN029V1.verbal.a#9_Tstat~tent10.SN029V1.verbal.a_R^2~tent10.SN029V1.verbal.a_Fstat~

type = string-attribute
name = BRICK_KEYWORDS
count = 24
'~~~~~~~~~~~~~~~~~~~~~~~~

type  = float-attribute
name  = BRICK_STATAUX
count = 60
              0              7              2              5           33.5
              1              4              2             10             67
              3              3              1             67              5
              3              1             67              7              3
              1             67              9              3              1
             67             11              3              1             67
             13              3              1             67             15
              3              1             67             17              3
              1             67             19              3              1
             67             21              3              1             67
             22              7              2              5           33.5
             23              4              2             10             67

type = string-attribute
name = BRICK_STATSYM
count = 202
'Beta(5,33.5);Ftest(10,67);none;Ttest(67);none;Ttest(67);none;Ttest(67);none;Ttest(67);none;Ttest(67);none;Ttest(67);none;Ttest(67);none;Ttest(67);none;Ttest(67);none;Ttest(67);Beta(5,33.5);Ftest(10,67)~

type = string-attribute
name = TEMPLATE_SPACE
count = 5
'TLRC~

type = integer-attribute
name = INT_CMAP
count = 1
 0

type = string-attribute
name = BYTEORDER_STRING
count = 10
'LSB_FIRST~
