
type = string-attribute
name = HISTORY_NOTE
count = 5
'none~

type = string-attribute
name = TYPESTRING
count = 15
'3DIM_HEAD_FUNC~

type = string-attribute
name = IDCODE_STRING
count = 27
'XYZ_OjeyjM7uCTxvX6QdwcFcgw~

type = string-attribute
name = IDCODE_DATE
count = 25
'Fri Feb 22 18:15:05 2013~

type = integer-attribute
name = SCENE_DATA
count = 8
 2 11 1 -999 -999
 -999 -999 -999

type = string-attribute
name = LABEL_1
count = 5
'zyxt~

type = string-attribute
name = LABEL_2
count = 5
'zyxt~

type = string-attribute
name = DATASET_NAME
count = 5
'zyxt~

type = integer-attribute
name = ORIENT_SPECIFIC
count = 3
 0 3 4

type  = float-attribute
name  = ORIGIN
count = 3
           31.5           37.5           20.5

type  = float-attribute
name  = DELTA
count = 3
              3              3              3

type  = float-attribute
name  = IJK_TO_DICOM
count = 12
              3              0              0           31.5              0
              3              0           37.5              0              0
              3           20.5

type  = float-attribute
name  = IJK_TO_DICOM_REAL
count = 12
              3              0              0           31.5              0
              3              0           37.5              0              0
              3           20.5

type  = float-attribute
name  = BRICK_STATS
count = 48
     0.08356619      0.1912355      0.6126942       1.575837    -0.09799628
      0.2992693     -0.9546183       2.179968     -0.0251363      0.2303248
     -0.2517226       1.807812     0.07253847      0.3109431       0.591886
        1.77006    -0.02672971      0.3829818      -0.177072       1.926269
     -0.0964451      0.2756796      -0.580434      0.7805353    -0.08298597
      0.2791705     -0.3259885       1.748166     -0.2374803      0.1807023
      -1.650854      0.5860817    -0.07201461      0.1203736     -0.6127957
      0.9182374      0.0320135      0.3334618      0.2731852       1.524136
    -0.07546449     0.07111799      -0.760125      0.6802524     0.08356619
      0.1912355      0.6126942       1.575837

type = integer-attribute
name = DATASET_RANK
count = 8
 3 24 0 0 0
 0 0 0

type = integer-attribute
name = DATASET_DIMENSIONS
count = 5
 3 3 3 0 0

type = integer-attribute
name = BRICK_TYPES
count = 24
 3 3 3 3 3
 3 3 3 3 3
 3 3 3 3 3
 3 3 3 3 3
 3 3 3 3

type  = float-attribute
name  = BRICK_FLOAT_FACS
count = 24
              0              0              0              0              0
              0              0              0              0              0
              0              0              0              0              0
              0              0              0              0              0
              0              0              0              0

type = string-attribute
name = BRICK_LABS
count = 708
'Full_R^2~Full_Fstat~tent10.SN027V1.verbal.a#0_Coef~tent10.SN027V1.verbal.a#0_Tstat~tent10.SN027V1.verbal.a#1_Coef~tent10.SN027V1.verbal.a#1_Tstat~tent10.SN027V1.verbal.a#2_Coef~tent10.SN027V1.verbal.a#2_Tstat~tent10.SN027V1.verbal.a#3_Coef~tent10.SN027V1.verbal.a#3_Tstat~tent10.SN027V1.verbal.a#4_Coef~tent10.SN027V1.verbal.a#4_Tstat~tent10.SN027V1.verbal.a#5_Coef~tent10.SN027V1.verbal.a#5_Tstat~tent10.SN027V1.verbal.a#6_Coef~tent10.SN027V1.verbal.a#6_Tstat~tent10.SN027V1.verbal.a#7_Coef~tent10.SN027V1.verbal.a#7_Tstat~tent10.SN027V1.verbal.a#8_Coef~tent10.SN027V1.verbal.a#8_Tstat~tent10.SN027V1.verbal.a#9_Coef~tent10.SN027V1.verbal.a#9_Tstat~tent10.SN027V1.verbal.a_R^2~tent10.SN027V1.verbal.a_Fstat~

type = string-attribute
name = BRICK_KEYWORDS
count = 24
'~~~~~~~~~~~~~~~~~~~~~~~~

type  = float-attribute
name  = BRICK_STATAUX
count = 60
              0              7              2              5           33.5
              1              4              2             10             67
              3              3              1             67              5
              3              1             67              7              3
              1             67              9              3              1
             67             11              3              1             67
             13              3              1             67             15
              3              1             67             17              3
              1             67             19              3              1
             67             21              3              1             67
             22              7              2              5           33.5
             23              4              2             10             67

type = string-attribute
name = BRICK_STATSYM
count = 202
'Beta(5,33.5);Ftest(10,67);none;Ttest(67);none;Ttest(67);none;Ttest(67);none;Ttest(67);none;Ttest(67);none;Ttest(67);none;Ttest(67);none;Ttest(67);none;Ttest(67);none;Ttest(67);Beta(5,33.5);Ftest(10,67)~

type = string-attribute
name = TEMPLATE_SPACE
count = 5
'TLRC~

type = integer-attribute
name = INT_CMAP
count = 1
 0

type = string-attribute
name = BYTEORDER_STRING
count = 10
'LSB_FIRST~
