
type = string-attribute
name = HISTORY_NOTE
count = 5
'none~

type = string-attribute
name = TYPESTRING
count = 15
'3DIM_HEAD_FUNC~

type = string-attribute
name = IDCODE_STRING
count = 27
'XYZ_GvhyPe-YjaQylsHS3_5ebg~

type = string-attribute
name = IDCODE_DATE
count = 25
'Fri Feb 22 18:15:09 2013~

type = integer-attribute
name = SCENE_DATA
count = 8
 2 11 1 -999 -999
 -999 -999 -999

type = string-attribute
name = LABEL_1
count = 5
'zyxt~

type = string-attribute
name = LABEL_2
count = 5
'zyxt~

type = string-attribute
name = DATASET_NAME
count = 5
'zyxt~

type = integer-attribute
name = ORIENT_SPECIFIC
count = 3
 0 3 4

type  = float-attribute
name  = ORIGIN
count = 3
           31.5           37.5           20.5

type  = float-attribute
name  = DELTA
count = 3
              3              3              3

type  = float-attribute
name  = IJK_TO_DICOM
count = 12
              3              0              0           31.5              0
              3              0           37.5              0              0
              3           20.5

type  = float-attribute
name  = IJK_TO_DICOM_REAL
count = 12
              3              0              0           31.5              0
              3              0           37.5              0              0
              3           20.5

type  = float-attribute
name  = BRICK_STATS
count = 48
     0.09650954      0.2693941      0.7193177       2.453908      -0.176635
      0.1629062      -1.378784      0.6712247     -0.2183409      0.4858094
      -1.488002        2.11727     -0.1769871      0.7402289      -1.008177
        2.57167     0.07767476      0.7426606      0.5601311       2.775204
    -0.05096609      0.3276102     -0.2300474       1.044728     -0.2660354
      0.4513347     -0.6366107       1.505107     -0.3853945    -0.00693582
      -1.369658     0.03864605    -0.02388036       0.786964     -0.1207012
       2.999082   -0.009913283      0.4745662    -0.06189031       2.003811
     -0.1872444       0.399886     -0.7567615       1.935617     0.09650954
      0.2693941      0.7193177       2.453908

type = integer-attribute
name = DATASET_RANK
count = 8
 3 24 0 0 0
 0 0 0

type = integer-attribute
name = DATASET_DIMENSIONS
count = 5
 3 3 3 0 0

type = integer-attribute
name = BRICK_TYPES
count = 24
 3 3 3 3 3
 3 3 3 3 3
 3 3 3 3 3
 3 3 3 3 3
 3 3 3 3

type  = float-attribute
name  = BRICK_FLOAT_FACS
count = 24
              0              0              0              0              0
              0              0              0              0              0
              0              0              0              0              0
              0              0              0              0              0
              0              0              0              0

type = string-attribute
name = BRICK_LABS
count = 708
'Full_R^2~Full_Fstat~tent10.SN033V1.verbal.a#0_Coef~tent10.SN033V1.verbal.a#0_Tstat~tent10.SN033V1.verbal.a#1_Coef~tent10.SN033V1.verbal.a#1_Tstat~tent10.SN033V1.verbal.a#2_Coef~tent10.SN033V1.verbal.a#2_Tstat~tent10.SN033V1.verbal.a#3_Coef~tent10.SN033V1.verbal.a#3_Tstat~tent10.SN033V1.verbal.a#4_Coef~tent10.SN033V1.verbal.a#4_Tstat~tent10.SN033V1.verbal.a#5_Coef~tent10.SN033V1.verbal.a#5_Tstat~tent10.SN033V1.verbal.a#6_Coef~tent10.SN033V1.verbal.a#6_Tstat~tent10.SN033V1.verbal.a#7_Coef~tent10.SN033V1.verbal.a#7_Tstat~tent10.SN033V1.verbal.a#8_Coef~tent10.SN033V1.verbal.a#8_Tstat~tent10.SN033V1.verbal.a#9_Coef~tent10.SN033V1.verbal.a#9_Tstat~tent10.SN033V1.verbal.a_R^2~tent10.SN033V1.verbal.a_Fstat~

type = string-attribute
name = BRICK_KEYWORDS
count = 24
'~~~~~~~~~~~~~~~~~~~~~~~~

type  = float-attribute
name  = BRICK_STATAUX
count = 60
              0              7              2              5           33.5
              1              4              2             10             67
              3              3              1             67              5
              3              1             67              7              3
              1             67              9              3              1
             67             11              3              1             67
             13              3              1             67             15
              3              1             67             17              3
              1             67             19              3              1
             67             21              3              1             67
             22              7              2              5           33.5
             23              4              2             10             67

type = string-attribute
name = BRICK_STATSYM
count = 202
'Beta(5,33.5);Ftest(10,67);none;Ttest(67);none;Ttest(67);none;Ttest(67);none;Ttest(67);none;Ttest(67);none;Ttest(67);none;Ttest(67);none;Ttest(67);none;Ttest(67);none;Ttest(67);Beta(5,33.5);Ftest(10,67)~

type = string-attribute
name = TEMPLATE_SPACE
count = 7
'TT_N27~

type = integer-attribute
name = INT_CMAP
count = 1
 0

type = string-attribute
name = BYTEORDER_STRING
count = 10
'LSB_FIRST~
