
type = string-attribute
name = HISTORY_NOTE
count = 5
'none~

type = string-attribute
name = TYPESTRING
count = 15
'3DIM_HEAD_FUNC~

type = string-attribute
name = IDCODE_STRING
count = 27
'XYZ_LerWGB33rIte30_NH76XEw~

type = string-attribute
name = IDCODE_DATE
count = 25
'Fri Feb 22 18:15:36 2013~

type = integer-attribute
name = SCENE_DATA
count = 8
 2 11 1 -999 -999
 -999 -999 -999

type = string-attribute
name = LABEL_1
count = 5
'zyxt~

type = string-attribute
name = LABEL_2
count = 5
'zyxt~

type = string-attribute
name = DATASET_NAME
count = 5
'zyxt~

type = integer-attribute
name = ORIENT_SPECIFIC
count = 3
 0 3 4

type  = float-attribute
name  = ORIGIN
count = 3
           31.5           37.5           20.5

type  = float-attribute
name  = DELTA
count = 3
              3              3              3

type  = float-attribute
name  = IJK_TO_DICOM
count = 12
              3              0              0           31.5              0
              3              0           37.5              0              0
              3           20.5

type  = float-attribute
name  = IJK_TO_DICOM_REAL
count = 12
              3              0              0           31.5              0
              3              0           37.5              0              0
              3           20.5

type  = float-attribute
name  = BRICK_STATS
count = 48
     0.08372063      0.1893388      0.6121481        1.56587     -0.3050063
      0.0706838       -1.34521      0.3986721      0.2573658      0.7685151
       1.273015        2.66347     -0.1575193      0.2847115     -0.6564925
       1.134333     0.03893046       0.608222       0.164723       2.125806
    -0.02904532      0.4936024    -0.06117585       1.611868     -0.2574608
      0.2587173     -0.8691231      0.7811358     -0.4765125      0.2852087
       -1.56349      0.8662258     -0.3049358     0.08079878      -1.194837
      0.2961671     -0.4085947        0.17278      -1.396025       0.752608
    0.008083225      0.3916807     0.04367448         1.9343     0.08372063
      0.1893388      0.6121481        1.56587

type = integer-attribute
name = DATASET_RANK
count = 8
 3 24 0 0 0
 0 0 0

type = integer-attribute
name = DATASET_DIMENSIONS
count = 5
 3 3 3 0 0

type = integer-attribute
name = BRICK_TYPES
count = 24
 3 3 3 3 3
 3 3 3 3 3
 3 3 3 3 3
 3 3 3 3 3
 3 3 3 3

type  = float-attribute
name  = BRICK_FLOAT_FACS
count = 24
              0              0              0              0              0
              0              0              0              0              0
              0              0              0              0              0
              0              0              0              0              0
              0              0              0              0

type = string-attribute
name = BRICK_LABS
count = 708
'Full_R^2~Full_Fstat~tent10.SS042V1.verbal.a#0_Coef~tent10.SS042V1.verbal.a#0_Tstat~tent10.SS042V1.verbal.a#1_Coef~tent10.SS042V1.verbal.a#1_Tstat~tent10.SS042V1.verbal.a#2_Coef~tent10.SS042V1.verbal.a#2_Tstat~tent10.SS042V1.verbal.a#3_Coef~tent10.SS042V1.verbal.a#3_Tstat~tent10.SS042V1.verbal.a#4_Coef~tent10.SS042V1.verbal.a#4_Tstat~tent10.SS042V1.verbal.a#5_Coef~tent10.SS042V1.verbal.a#5_Tstat~tent10.SS042V1.verbal.a#6_Coef~tent10.SS042V1.verbal.a#6_Tstat~tent10.SS042V1.verbal.a#7_Coef~tent10.SS042V1.verbal.a#7_Tstat~tent10.SS042V1.verbal.a#8_Coef~tent10.SS042V1.verbal.a#8_Tstat~tent10.SS042V1.verbal.a#9_Coef~tent10.SS042V1.verbal.a#9_Tstat~tent10.SS042V1.verbal.a_R^2~tent10.SS042V1.verbal.a_Fstat~

type = string-attribute
name = BRICK_KEYWORDS
count = 24
'~~~~~~~~~~~~~~~~~~~~~~~~

type  = float-attribute
name  = BRICK_STATAUX
count = 60
              0              7              2              5           33.5
              1              4              2             10             67
              3              3              1             67              5
              3              1             67              7              3
              1             67              9              3              1
             67             11              3              1             67
             13              3              1             67             15
              3              1             67             17              3
              1             67             19              3              1
             67             21              3              1             67
             22              7              2              5           33.5
             23              4              2             10             67

type = string-attribute
name = BRICK_STATSYM
count = 202
'Beta(5,33.5);Ftest(10,67);none;Ttest(67);none;Ttest(67);none;Ttest(67);none;Ttest(67);none;Ttest(67);none;Ttest(67);none;Ttest(67);none;Ttest(67);none;Ttest(67);none;Ttest(67);Beta(5,33.5);Ftest(10,67)~

type = string-attribute
name = TEMPLATE_SPACE
count = 7
'TT_N27~

type = integer-attribute
name = INT_CMAP
count = 1
 0

type = string-attribute
name = BYTEORDER_STRING
count = 10
'LSB_FIRST~
