
type = string-attribute
name = HISTORY_NOTE
count = 3456
'[dglen@gollum.local: Wed Nov  5 11:15:44 2008] ===================================\n[dglen@gollum.local: Wed Nov  5 11:15:44 2008] === History of inputs to 3dcalc ===\n[dglen@gollum.local: Wed Nov  5 11:15:44 2008] === Input a:\n[dglen@gollum.local: Wed Nov  5 11:15:44 2008] [dglen@gollum.local: Wed Nov  5 11:14:52 2008] 3dWarp -mni2tta -prefix TT_avg152T2+tlrc_skull -gridset TT_avg152T1+tlrc. avg152T2.nii\n[dglen@gollum.local: Wed Nov  5 11:15:44 2008] === Input b:\n[dglen@gollum.local: Wed Nov  5 11:15:44 2008] [ziad@eomer.nimh.nih.gov: Thu Oct 12 16:57:01 2006] ===================================\n[ziad@eomer.nimh.nih.gov: Thu Oct 12 16:57:01 2006] === History of inputs to 3dcalc ===\n[ziad@eomer.nimh.nih.gov: Thu Oct 12 16:57:01 2006] === Input a:\n[ziad@eomer.nimh.nih.gov: Thu Oct 12 16:57:01 2006] [ziad@eomer.nimh.nih.gov: Thu Oct 12 16:57:01 2006] 3dcopy /Users/ziad/Programs/matlab/spm2/canonical/avg152T1.mnc /Users/ziad/AFNI_Templates_Atlases/SPM_MNI_AVG_TEMPLATES/Post_Oct0606/MNI_sk_avg152T1\n[ziad@eomer.nimh.nih.gov: Thu Oct 12 16:57:01 2006] 3drefit -view +tlrc MNI_sk_avg152T1+orig.HEAD\n[ziad@eomer.nimh.nih.gov: Thu Oct 12 16:57:01 2006] === Input b:\n[ziad@eomer.nimh.nih.gov: Thu Oct 12 16:57:01 2006] [ziad@eomer.nimh.nih.gov: Wed Oct 11 13:50:11 2006] ===================================\n[ziad@eomer.nimh.nih.gov: Wed Oct 11 13:50:11 2006] === History of inputs to 3dcalc ===\n[ziad@eomer.nimh.nih.gov: Wed Oct 11 13:50:11 2006] === Input a:\n[ziad@eomer.nimh.nih.gov: Wed Oct 11 13:50:11 2006] [ziad@eomer.nimh.nih.gov: Wed Oct 11 11:13:23 2006] 3dcopy avg152T1.mnc /Users/ziad/AFNI_Templates_Atlases/TT_Avg_Templates/Post_Oct0606/MNI_sk_avg152T1\n[ziad@eomer.nimh.nih.gov: Wed Oct 11 11:13:23 2006] 3drefit -view +tlrc MNI_sk_avg152T1+orig.HEAD\n[ziad@eomer.nimh.nih.gov: Wed Oct 11 13:50:11 2006] === Input b:\n[ziad@eomer.nimh.nih.gov: Wed Oct 11 13:50:11 2006] [ziad@eomer.nimh.nih.gov: Wed Oct 11 13:22:27 2006] 3dSkullStrip -input avg152T1_mni+tlrc -prefix tt3 -shrink_fac 0.99 -shrink_fac_bot_lim 0.55 -o_ply tt3.ply -debug 1 -visual -interactive\n[ziad@eomer.nimh.nih.gov: Wed Oct 11 13:50:11 2006] ===================================\n[ziad@eomer.nimh.nih.gov: Wed Oct 11 13:50:11 2006] 3dcalc -a MNI_sk_avg152T1+tlrc. -b tt3+tlrc. -expr 'a*step(b)' -prefix T1ns3\n[ziad@eomer.nimh.nih.gov: Wed Oct 11 13:53:08 2006] Drawing plugin COPY: Fill->Data Type->Func\n[ziad@eomer.nimh.nih.gov: Thu Oct 12 16:57:01 2006] ===================================\n[ziad@eomer.nimh.nih.gov: Thu Oct 12 16:57:01 2006] 3dcalc -a MNI_sk_avg152T1+tlrc -b avg152T1_mni_ns+tlrc -expr 'a*step(b)' -prefix MNI_avg152T1\n[ziad@eomer.nimh.nih.gov: Thu Oct 12 16:57:03 2006] 3dWarp -mni2tta -prefix TT_avg152T1 MNI_avg152T1+tlrc\n[dglen@gollum.local: Wed Nov  5 11:15:44 2008] ===================================\n[dglen@gollum.local: Wed Nov  5 11:15:44 2008] 3dcalc -a TT_avg152T2+tlrc_skull+tlrc. -b TT_avg152T1+tlrc. -expr 'a*step(b)' -prefix TT_avg152T2\n[dglen@ndsl-lfmi-kocha.nih.gov: Thu Sep  9 14:00:34 2010] 3drefit -space TLRC /Users/dglen/abin/TT_EPI+tlrc.HEAD /Users/dglen/abin/TT_N27+tlrc.HEAD /Users/dglen/abin/TT_N27_CA_EZ_MPM+tlrc.HEAD /Users/dglen/abin/TT_N27_CA_EZ_PMaps+tlrc.HEAD /Users/dglen/abin/TT_N27_EZ_LR+tlrc.HEAD /Users/dglen/abin/TT_N27_EZ_ML+tlrc.HEAD /Users/dglen/abin/TT_avg152T1+tlrc.HEAD /Users/dglen/abin/TT_avg152T2+tlrc.HEAD /Users/dglen/abin/TT_icbm452+tlrc.HEAD /Users/dglen/abin/TTatlas+tlrc.HEAD~

type = string-attribute
name = TYPESTRING
count = 15
'3DIM_HEAD_ANAT~

type = string-attribute
name = IDCODE_STRING
count = 27
'AFN_-KBOlpRbCgdDGPaRQE71YQ~

type = string-attribute
name = IDCODE_DATE
count = 25
'Wed Nov  5 11:15:44 2008~

type = integer-attribute
name = SCENE_DATA
count = 8
 2 2 0 -999 -999
 -999 -999 -999

type = string-attribute
name = LABEL_1
count = 5
'zyxt~

type = string-attribute
name = LABEL_2
count = 5
'zyxt~

type = string-attribute
name = DATASET_NAME
count = 5
'zyxt~

type = integer-attribute
name = ORIENT_SPECIFIC
count = 3
 1 2 4

type  = float-attribute
name  = ORIGIN
count = 3
             90            126            -72

type  = float-attribute
name  = DELTA
count = 3
             -2             -2              2

type  = float-attribute
name  = IJK_TO_DICOM
count = 12
             -2              0              0             90              0
             -2              0            126              0              0
              2            -72

type  = float-attribute
name  = IJK_TO_DICOM_REAL
count = 12
             -2              0              0             90              0
             -2              0            126              0              0
              2            -72

type  = float-attribute
name  = BRICK_STATS
count = 2
              0      0.9680773

type = integer-attribute
name = DATASET_RANK
count = 8
 3 1 0 0 0
 0 0 0

type = integer-attribute
name = DATASET_DIMENSIONS
count = 5
 91 109 91 0 0

type = integer-attribute
name = BRICK_TYPES
count = 1
 3

type  = float-attribute
name  = BRICK_FLOAT_FACS
count = 1
              0

type = string-attribute
name = BRICK_LABS
count = 3
'#0~

type = string-attribute
name = BRICK_KEYWORDS
count = 1
'~

type = string-attribute
name = BYTEORDER_STRING
count = 10
'MSB_FIRST~

type = string-attribute
name = TEMPLATE_SPACE
count = 5
'TLRC~

type = integer-attribute
name = INT_CMAP
count = 1
 0
