
type = string-attribute
name = HISTORY_NOTE
count = 81
'[rickr@manwe.nimh.nih.gov: Thu Mar 18 11:19:14 2010] 3dcopy epi_r3.nii FT_epi_r3~

type = string-attribute
name = TYPESTRING
count = 15
'3DIM_HEAD_ANAT~

type = string-attribute
name = IDCODE_STRING
count = 27
'AFN_4zYpQ48gAftEYaWUYbpHqg~

type = string-attribute
name = IDCODE_DATE
count = 25
'Thu Mar 18 11:19:14 2010~

type = integer-attribute
name = SCENE_DATA
count = 8
 0 2 0 -999 -999
 -999 -999 -999

type = string-attribute
name = LABEL_1
count = 5
'zyxt~

type = string-attribute
name = LABEL_2
count = 5
'zyxt~

type = string-attribute
name = DATASET_NAME
count = 5
'zyxt~

type = integer-attribute
name = ORIENT_SPECIFIC
count = 3
 0 3 4

type  = float-attribute
name  = ORIGIN
count = 3
      -112.6622      -122.7787      -17.65058

type  = float-attribute
name  = DELTA
count = 3
           2.75           2.75              3

type  = float-attribute
name  = IJK_TO_DICOM
count = 12
           2.75              0              0      -112.6622              0
           2.75              0      -122.7787              0              0
              3      -17.65058

type  = float-attribute
name  = IJK_TO_DICOM_REAL
count = 12
           2.75              0              0      -112.6622              0
           2.75              0      -122.7787              0              0
              3      -17.65058

type  = float-attribute
name  = BRICK_STATS
count = 304
              0           3036              0           2655              0
           2580              0           2847              0           2808
              0           2976              0           2925              0
           2940              0           2850              0           2946
              0           2901              0           2895              0
           3045              0           2970              0           3363
              0           3171              0           3222              0
           2919              0           2784              0           3021
              0           2985              0           3042              0
           2943              0           2880              0           3540
              0           3186              0           2772              0
           2964              0           3405              0           3174
              0           2901              0           2817              0
           3393              0           3138              0           2958
              0           2946              0           2940              0
           2985              0           2865              0           2868
              0           2964              0           3006              0
           3345              0           2868              0           3261
              0           3468              0           3234              0
           2979              0           3171              0           2880
              0           2784              0           2895              0
           3123              0           2997              0           3003
              0           3555              0           3132              0
           2886              0           3120              0           3330
              0           2856              0           2889              0
           2880              0           2874              0           2982
              0           2940              0           2949              0
           2844              0           3102              0           2901
              0           3072              0           3174              0
           2982              0           2814              0           2946
              0           3006              0           3222              0
           2784              0           2925              0           2745
              0           3438              0           3345              0
           2811              0           2892              0           2931
              0           2844              0           2994              0
           3192              0           3159              0           3306
              0           3153              0           2958              0
           2853              0           3054              0           2892
              0           3096              0           2913              0
           2877              0           2943              0           3003
              0           2889              0           2874              0
           2967              0           3246              0           3252
              0           2727              0           2898              0
           3105              0           2754              0           3630
              0           3198              0           2952              0
           2973              0           3429              0           3219
              0           2946              0           2955              0
           3399              0           2514              0           3786
              0           2943              0           3276              0
           2580              0           3525              0           3072
              0           2832              0           3687              0
           3177              0           3006              0           2916
              0           3171              0           2919              0
           2967              0           2880              0           2976
              0           3459              0           2847              0
           2874              0           2964              0           2991
              0           2874              0           2940              0
           3078              0           2901              0           3123
              0           2892              0           2874              0
           2979              0           3081              0           2901
              0           3099              0           2832

type = integer-attribute
name = TAXIS_NUMS
count = 8
 152 33 77002 -999 -999
 -999 -999 -999

type  = float-attribute
name  = TAXIS_FLOATS
count = 8
              0              2              0      -17.65058              3
        -999999        -999999        -999999

type  = float-attribute
name  = TAXIS_OFFSETS
count = 33
              0       1.030302       0.060606       1.090908       0.121212
       1.151514       0.181818        1.21212       0.242424       1.272726
        0.30303       1.333332       0.363636       1.393938       0.424242
       1.454544       0.484848        1.51515       0.545454       1.575756
        0.60606       1.636362       0.666666       1.696968       0.727272
       1.757574       0.787878        1.81818       0.848484       1.878786
        0.90909       1.939392       0.969696

type = integer-attribute
name = DATASET_RANK
count = 8
 3 152 0 0 0
 0 0 0

type = integer-attribute
name = DATASET_DIMENSIONS
count = 5
 80 80 33 0 0

type = integer-attribute
name = BRICK_TYPES
count = 152
 1 1 1 1 1
 1 1 1 1 1
 1 1 1 1 1
 1 1 1 1 1
 1 1 1 1 1
 1 1 1 1 1
 1 1 1 1 1
 1 1 1 1 1
 1 1 1 1 1
 1 1 1 1 1
 1 1 1 1 1
 1 1 1 1 1
 1 1 1 1 1
 1 1 1 1 1
 1 1 1 1 1
 1 1 1 1 1
 1 1 1 1 1
 1 1 1 1 1
 1 1 1 1 1
 1 1 1 1 1
 1 1 1 1 1
 1 1 1 1 1
 1 1 1 1 1
 1 1 1 1 1
 1 1 1 1 1
 1 1 1 1 1
 1 1 1 1 1
 1 1 1 1 1
 1 1 1 1 1
 1 1 1 1 1
 1 1

type  = float-attribute
name  = BRICK_FLOAT_FACS
count = 152
              0              0              0              0              0
              0              0              0              0              0
              0              0              0              0              0
              0              0              0              0              0
              0              0              0              0              0
              0              0              0              0              0
              0              0              0              0              0
              0              0              0              0              0
              0              0              0              0              0
              0              0              0              0              0
              0              0              0              0              0
              0              0              0              0              0
              0              0              0              0              0
              0              0              0              0              0
              0              0              0              0              0
              0              0              0              0              0
              0              0              0              0              0
              0              0              0              0              0
              0              0              0              0              0
              0              0              0              0              0
              0              0              0              0              0
              0              0              0              0              0
              0              0              0              0              0
              0              0              0              0              0
              0              0              0              0              0
              0              0              0              0              0
              0              0              0              0              0
              0              0              0              0              0
              0              0              0              0              0
              0              0              0              0              0
              0              0

type = string-attribute
name = BYTEORDER_STRING
count = 10
'LSB_FIRST~
