
type = string-attribute
name = HISTORY_NOTE
count = 81
'[rickr@manwe.nimh.nih.gov: Thu Mar 18 11:19:14 2010] 3dcopy epi_r1.nii FT_epi_r1~

type = string-attribute
name = TYPESTRING
count = 15
'3DIM_HEAD_ANAT~

type = string-attribute
name = IDCODE_STRING
count = 27
'AFN_XXzryZXH4WxzVOEnh3bJCA~

type = string-attribute
name = IDCODE_DATE
count = 25
'Thu Mar 18 11:19:14 2010~

type = integer-attribute
name = SCENE_DATA
count = 8
 0 2 0 -999 -999
 -999 -999 -999

type = string-attribute
name = LABEL_1
count = 5
'zyxt~

type = string-attribute
name = LABEL_2
count = 5
'zyxt~

type = string-attribute
name = DATASET_NAME
count = 5
'zyxt~

type = integer-attribute
name = ORIENT_SPECIFIC
count = 3
 0 3 4

type  = float-attribute
name  = ORIGIN
count = 3
      -112.6622      -122.7787      -17.65058

type  = float-attribute
name  = DELTA
count = 3
           2.75           2.75              3

type  = float-attribute
name  = IJK_TO_DICOM
count = 12
           2.75              0              0      -112.6622              0
           2.75              0      -122.7787              0              0
              3      -17.65058

type  = float-attribute
name  = IJK_TO_DICOM_REAL
count = 12
           2.75              0              0      -112.6622              0
           2.75              0      -122.7787              0              0
              3      -17.65058

type  = float-attribute
name  = BRICK_STATS
count = 304
              0           3272              0           2924              0
           2841              0           3057              0           2730
              0           2880              0           3792              0
           3396              0           2994              0           2946
              0           3132              0           2994              0
           2961              0           3183              0           2937
              0           2904              0           2907              0
           2922              0           2904              0           2937
              0           2949              0           2889              0
           2955              0           2892              0           3198
              0           2985              0           2931              0
           2886              0           3588              0           3027
              0           2847              0           2907              0
           3447              0           3012              0           3012
              0           2985              0           2913              0
           2883              0           2994              0           3003
              0           2847              0           2943              0
           2952              0           2901              0           2934
              0           2886              0           3255              0
           3366              0           3156              0           3054
              0           2940              0           2964              0
           2949              0           3069              0           2952
              0           3054              0           2976              0
           3324              0           2913              0           2940
              0           2667              0           2721              0
           3114              0           2829              0           2835
              0           2847              0           2799              0
           3159              0           2925              0           2925
              0           2841              0           2799              0
           2790              0           2826              0           2847
              0           2913              0           2964              0
           3162              0           2889              0           2868
              0           2871              0           2781              0
           3201              0           3156              0           2889
              0           2865              0           2910              0
           3081              0           3096              0           3072
              0           2895              0           2889              0
           3057              0           2991              0           2961
              0           2958              0           2826              0
           2856              0           3060              0           3036
              0           2838              0           2853              0
           3129              0           3300              0           3099
              0           3501              0           3042              0
           3123              0           3135              0           3120
              0           3126              0           3006              0
           2901              0           2829              0           2856
              0           2811              0           2892              0
           2871              0           3435              0           2883
              0           2982              0           3678              0
           2709              0           2787              0           3048
              0           3009              0           2856              0
           2901              0           3525              0           2976
              0           2814              0           2934              0
           2838              0           3216              0           2790
              0           2871              0           2898              0
           3210              0           2898              0           2814
              0           3252              0           2931              0
           2829              0           2889              0           2817
              0           2886              0           2919              0
           2982              0           3090              0           3156
              0           2907              0           3459

type = integer-attribute
name = TAXIS_NUMS
count = 8
 152 33 77002 -999 -999
 -999 -999 -999

type  = float-attribute
name  = TAXIS_FLOATS
count = 8
              0              2              0      -17.65058              3
        -999999        -999999        -999999

type  = float-attribute
name  = TAXIS_OFFSETS
count = 33
              0       1.030302       0.060606       1.090908       0.121212
       1.151514       0.181818        1.21212       0.242424       1.272726
        0.30303       1.333332       0.363636       1.393938       0.424242
       1.454544       0.484848        1.51515       0.545454       1.575756
        0.60606       1.636362       0.666666       1.696968       0.727272
       1.757574       0.787878        1.81818       0.848484       1.878786
        0.90909       1.939392       0.969696

type = integer-attribute
name = DATASET_RANK
count = 8
 3 152 0 0 0
 0 0 0

type = integer-attribute
name = DATASET_DIMENSIONS
count = 5
 80 80 33 0 0

type = integer-attribute
name = BRICK_TYPES
count = 152
 1 1 1 1 1
 1 1 1 1 1
 1 1 1 1 1
 1 1 1 1 1
 1 1 1 1 1
 1 1 1 1 1
 1 1 1 1 1
 1 1 1 1 1
 1 1 1 1 1
 1 1 1 1 1
 1 1 1 1 1
 1 1 1 1 1
 1 1 1 1 1
 1 1 1 1 1
 1 1 1 1 1
 1 1 1 1 1
 1 1 1 1 1
 1 1 1 1 1
 1 1 1 1 1
 1 1 1 1 1
 1 1 1 1 1
 1 1 1 1 1
 1 1 1 1 1
 1 1 1 1 1
 1 1 1 1 1
 1 1 1 1 1
 1 1 1 1 1
 1 1 1 1 1
 1 1 1 1 1
 1 1 1 1 1
 1 1

type  = float-attribute
name  = BRICK_FLOAT_FACS
count = 152
              0              0              0              0              0
              0              0              0              0              0
              0              0              0              0              0
              0              0              0              0              0
              0              0              0              0              0
              0              0              0              0              0
              0              0              0              0              0
              0              0              0              0              0
              0              0              0              0              0
              0              0              0              0              0
              0              0              0              0              0
              0              0              0              0              0
              0              0              0              0              0
              0              0              0              0              0
              0              0              0              0              0
              0              0              0              0              0
              0              0              0              0              0
              0              0              0              0              0
              0              0              0              0              0
              0              0              0              0              0
              0              0              0              0              0
              0              0              0              0              0
              0              0              0              0              0
              0              0              0              0              0
              0              0              0              0              0
              0              0              0              0              0
              0              0              0              0              0
              0              0              0              0              0
              0              0              0              0              0
              0              0              0              0              0
              0              0

type = string-attribute
name = BYTEORDER_STRING
count = 10
'LSB_FIRST~
